PATH
  remote: .
  specs:
    bitmask_attributes (0.2.4)
      activerecord (~> 3.0)

GEM
  remote: http://rubygems.org/
  specs:
    activemodel (3.1.3)
      activesupport (= 3.1.3)
      builder (~> 3.0.0)
      i18n (~> 0.6)
    activerecord (3.1.3)
      activemodel (= 3.1.3)
      activesupport (= 3.1.3)
      arel (~> 2.2.1)
      tzinfo (~> 0.3.29)
    activesupport (3.1.3)
      multi_json (~> 1.0)
    ansi (1.4.1)
    arel (2.2.1)
    builder (3.0.0)
    columnize (0.3.6)
    i18n (0.6.0)
    json (1.6.1)
    linecache (0.46)
      rbx-require-relative (> 0.0.4)
    multi_json (1.0.4)
    rake (0.9.2.2)
    rbx-require-relative (0.0.5)
    rdoc (3.11)
      json (~> 1.4)
    ruby-debug (0.10.4)
      columnize (>= 0.1)
      ruby-debug-base (~> 0.10.4.0)
    ruby-debug-base (0.10.4)
      linecache (>= 0.3)
    sdoc (0.3.16)
      json (>= 1.1.3)
      rdoc (~> 3.10)
    shoulda (2.11.3)
    sqlite3 (1.3.4)
    turn (0.8.3)
      ansi
    tzinfo (0.3.31)

PLATFORMS
  ruby

DEPENDENCIES
  bitmask_attributes!
  rake
  ruby-debug (>= 0.10.3)
  sdoc
  shoulda
  sqlite3 (>= 1.3.4)
  turn
